RESTRICTION: >= net461
NUGET
  remote: https://www.nuget.org/api/v2
    FAKE (4.63.2)
    FSharp.Core (4.2.3)
    SharpDX (4.0.1)
    SharpDX.Direct2D1 (4.0.1)
      SharpDX (>= 4.0.1)
      SharpDX.DXGI (>= 4.0.1)
    SharpDX.Direct3D11 (4.0.1)
      SharpDX (>= 4.0.1)
      SharpDX.DXGI (>= 4.0.1)
    SharpDX.Direct3D9 (4.0.1)
      SharpDX (>= 4.0.1)
    SharpDX.DXGI (4.0.1)
      SharpDX (>= 4.0.1)
    SharpDX.Mathematics (4.0.1)
      SharpDX (>= 4.0.1)
    SharpDX.MediaFoundation (4.0.1)
      SharpDX (>= 4.0.1)
      SharpDX.Direct3D9 (>= 4.0.1)
      SharpDX.DXGI (>= 4.0.1)
      SharpDX.Mathematics (>= 4.0.1)
    SharpDX.XAudio2 (4.0.1)
      SharpDX (>= 4.0.1)
    SharpDX.XInput (4.0.1)
      SharpDX (>= 4.0.1)
  remote: monogame-develop
    MonoGame.Framework.WindowsDX (3.7.0.1034-develop)
      SharpDX (>= 4.0.1)
      SharpDX.Direct2D1 (>= 4.0.1)
      SharpDX.Direct3D11 (>= 4.0.1)
      SharpDX.Direct3D9 (>= 4.0.1)
      SharpDX.DXGI (>= 4.0.1)
      SharpDX.MediaFoundation (>= 4.0.1)
      SharpDX.XAudio2 (>= 4.0.1)
      SharpDX.XInput (>= 4.0.1)
